PATH
  remote: .
  specs:
    protein (0.6.0)
      bunny (~> 2.7)
      concurrent-ruby (~> 1.0, >= 1.0.5)
      google-protobuf (~> 3.0)

GEM
  remote: https://rubygems.org/
  specs:
    amq-protocol (2.3.0)
    bunny (2.14.2)
      amq-protocol (~> 2.3, >= 2.3.0)
    bunny-mock (1.7.0)
      bunny (>= 1.7)
    coderay (1.1.2)
    concurrent-ruby (1.1.5)
    diff-lcs (1.3)
    google-protobuf (3.8.0-universal-darwin)
    method_source (0.9.2)
    pry (0.12.2)
      coderay (~> 1.1.0)
      method_source (~> 0.9.0)
    rspec (3.8.0)
      rspec-core (~> 3.8.0)
      rspec-expectations (~> 3.8.0)
      rspec-mocks (~> 3.8.0)
    rspec-core (3.8.0)
      rspec-support (~> 3.8.0)
    rspec-expectations (3.8.4)
      diff-lcs (>= 1.2.0, < 2.0)
      rspec-support (~> 3.8.0)
    rspec-mocks (3.8.0)
      diff-lcs (>= 1.2.0, < 2.0)
      rspec-support (~> 3.8.0)
    rspec-support (3.8.2)

PLATFORMS
  ruby

DEPENDENCIES
  bunny-mock
  protein!
  pry
  rspec

BUNDLED WITH
   2.0.1
